GEM
  remote: https://rubygems.org/
  specs:
    delayer (0.0.2)
    instance_storage (1.0.0)
    pluggaloid (1.1.1)
      delayer
      instance_storage (>= 1.0.0, < 2.0.0)

PLATFORMS
  ruby

DEPENDENCIES
  pluggaloid

BUNDLED WITH
   1.14.1
